PATH
  remote: .
  specs:
    exception_handling (3.1.0.pre.tstarck.1)
      activesupport (>= 5.2)
      contextual_logger (~> 1.0)
      escalate (~> 0.3)
      invoca-utils (~> 0.3)
      psych (~> 3.0)

GEM
  remote: https://rubygems.org/
  specs:
    activesupport (6.0.4.7)
      concurrent-ruby (~> 1.0, >= 1.0.2)
      i18n (>= 0.7, < 2)
      minitest (~> 5.1)
      tzinfo (~> 1.1)
      zeitwerk (~> 2.2, >= 2.2.2)
    appraisal (2.5.0)
      bundler
      rake
      thor (>= 0.14.0)
    ast (2.4.0)
    byebug (11.1.3)
    coderay (1.1.3)
    concurrent-ruby (1.1.10)
    contextual_logger (1.3.0)
      activesupport (< 7.1)
      json
    diff-lcs (1.5.0)
    escalate (0.3.0)
    honeybadger (4.11.0)
    i18n (1.10.0)
      concurrent-ruby (~> 1.0)
    invoca-utils (0.5.1)
      activesupport (>= 5.0)
    json (2.7.1)
    method_source (1.0.0)
    minitest (5.15.0)
    parallel (1.17.0)
    parser (2.7.1.3)
      ast (~> 2.4.0)
    power_assert (1.2.0)
    pry (0.14.2)
      coderay (~> 1.1)
      method_source (~> 1.0)
    pry-byebug (3.8.0)
      byebug (~> 11.0)
      pry (~> 0.10)
    psych (3.3.4)
    rainbow (3.0.0)
    rake (13.0.1)
    regexp_parser (2.9.0)
    rexml (3.2.6)
    rspec (3.9.0)
      rspec-core (~> 3.9.0)
      rspec-expectations (~> 3.9.0)
      rspec-mocks (~> 3.9.0)
    rspec-core (3.9.3)
      rspec-support (~> 3.9.3)
    rspec-expectations (3.9.2)
      diff-lcs (>= 1.2.0, < 2.0)
      rspec-support (~> 3.9.0)
    rspec-mocks (3.9.1)
      diff-lcs (>= 1.2.0, < 2.0)
      rspec-support (~> 3.9.0)
    rspec-support (3.9.4)
    rspec_junit_formatter (0.6.0)
      rspec-core (>= 2, < 4, != 2.12.0)
    rubocop (0.89.0)
      parallel (~> 1.10)
      parser (>= 2.7.1.1)
      rainbow (>= 2.2.2, < 4.0)
      regexp_parser (>= 1.7)
      rexml
      rubocop-ast (>= 0.1.0, < 1.0)
      ruby-progressbar (~> 1.7)
      unicode-display_width (>= 1.4.0, < 2.0)
    rubocop-ast (0.2.0)
      parser (>= 2.7.0.1)
    ruby-progressbar (1.13.0)
    test-unit (3.6.1)
      power_assert
    thor (1.0.1)
    thread_safe (0.3.6)
    tzinfo (1.2.9)
      thread_safe (~> 0.1)
    unicode-display_width (1.6.0)
    zeitwerk (2.5.4)

PLATFORMS
  ruby

DEPENDENCIES
  activesupport
  appraisal (~> 2.2)
  exception_handling!
  honeybadger (~> 4.11)
  pry
  pry-byebug
  rake
  rspec
  rspec_junit_formatter
  rubocop
  test-unit

BUNDLED WITH
   2.3.22
