GIT
  remote: git@github.com:Invoca/hobosupport
  revision: 38006a80d32c594ff765951c4c0552c574b8d9cf
  ref: 38006a80d32c594ff765951c4c0552c574b8d9cf
  specs:
    hobo_support (2.0.1)
      rails (~> 4.0)

PATH
  remote: .
  specs:
    exception_handling (1.2.6)
      actionmailer (~> 4.0)
      actionpack (~> 4.0)
      activesupport (~> 4.0)
      eventmachine (>= 0.12.10)
      hobo_support
      invoca-utils (~> 0.0.2)

GEM
  remote: https://rubygems.org/
  specs:
    actionmailer (4.0.13)
      actionpack (= 4.0.13)
      mail (~> 2.5, >= 2.5.4)
    actionpack (4.0.13)
      activesupport (= 4.0.13)
      builder (~> 3.1.0)
      erubis (~> 2.7.0)
      rack (~> 1.5.2)
      rack-test (~> 0.6.2)
    activemodel (4.0.13)
      activesupport (= 4.0.13)
      builder (~> 3.1.0)
    activerecord (4.0.13)
      activemodel (= 4.0.13)
      activerecord-deprecated_finders (~> 1.0.2)
      activesupport (= 4.0.13)
      arel (~> 4.0.0)
    activerecord-deprecated_finders (1.0.4)
    activesupport (4.0.13)
      i18n (~> 0.6, >= 0.6.9)
      minitest (~> 4.2)
      multi_json (~> 1.3)
      thread_safe (~> 0.1)
      tzinfo (~> 0.3.37)
    arel (4.0.2)
    bourne (1.3.0)
      mocha (= 0.13.0)
    builder (3.1.4)
    coderay (1.1.0)
    concurrent-ruby (1.0.2)
    erubis (2.7.0)
    eventmachine (1.2.1)
    i18n (0.7.0)
    invoca-utils (0.0.2)
    mail (2.6.4)
      mime-types (>= 1.16, < 4)
    metaclass (0.0.1)
    method_source (0.8.2)
    mime-types (3.1)
      mime-types-data (~> 3.2015)
    mime-types-data (3.2016.0521)
    minitest (4.7.5)
    mocha (0.13.0)
      metaclass (~> 0.0.1)
    multi_json (1.12.1)
    pry (0.10.0)
      coderay (~> 1.1.0)
      method_source (~> 0.8.1)
      slop (~> 3.4)
    rack (1.5.5)
    rack-test (0.6.3)
      rack (>= 1.0)
    rails (4.0.13)
      actionmailer (= 4.0.13)
      actionpack (= 4.0.13)
      activerecord (= 4.0.13)
      activesupport (= 4.0.13)
      bundler (>= 1.3.0, < 2.0)
      railties (= 4.0.13)
      sprockets-rails (~> 2.0)
    railties (4.0.13)
      actionpack (= 4.0.13)
      activesupport (= 4.0.13)
      rake (>= 0.8.7)
      thor (>= 0.18.1, < 2.0)
    rake (10.1.0)
    rr (1.1.2)
    shoulda (3.1.1)
      shoulda-context (~> 1.0)
      shoulda-matchers (~> 1.2)
    shoulda-context (1.1.4)
    shoulda-matchers (1.5.6)
      activesupport (>= 3.0.0)
      bourne (~> 1.3)
    slop (3.6.0)
    sprockets (3.7.0)
      concurrent-ruby (~> 1.0)
      rack (> 1, < 3)
    sprockets-rails (2.3.3)
      actionpack (>= 3.0)
      activesupport (>= 3.0)
      sprockets (>= 2.8, < 4.0)
    thor (0.19.1)
    thread_safe (0.3.5)
    tzinfo (0.3.51)

PLATFORMS
  ruby

DEPENDENCIES
  exception_handling!
  hobo_support (= 2.0.1)!
  pry
  rake (>= 0.9)
  rr
  shoulda (= 3.1.1)

BUNDLED WITH
   1.12.5
